GEM
  remote: https://rubygems.org/
  specs:
    ast (2.4.0)
    coffee-script (2.4.1)
      coffee-script-source
      execjs
    coffee-script-source (1.12.2)
    concurrent-ruby (1.0.5)
    execjs (2.7.0)
    ffi (1.9.25)
    image_processing (1.5.0)
      mini_magick (~> 4.0)
      ruby-vips (>= 2.0.11, < 3)
    jaro_winkler (1.5.1)
    mini_magick (4.8.0)
    mustermann (1.0.2)
    parallel (1.12.1)
    parser (2.5.1.0)
      ast (~> 2.4.0)
    powerpack (0.1.2)
    puma (3.11.4)
    rack (2.0.5)
    rack-host-redirect (1.3.0)
      rack
    rack-protection (2.0.3)
      rack
    rack-ssl-enforcer (0.2.9)
    rainbow (3.0.0)
    rake (12.3.1)
    rb-fsevent (0.10.3)
    rb-inotify (0.9.10)
      ffi (>= 0.5.0, < 2)
    rubocop (0.57.2)
      jaro_winkler (~> 1.5.1)
      parallel (~> 1.10)
      parser (>= 2.5)
      powerpack (~> 0.1)
      rainbow (>= 2.2.2, < 4.0)
      ruby-progressbar (~> 1.7)
      unicode-display_width (~> 1.0, >= 1.0.1)
    ruby-progressbar (1.9.0)
    ruby-vips (2.0.12)
      ffi (~> 1.9)
    sass (3.5.6)
      sass-listen (~> 4.0.0)
    sass-listen (4.0.0)
      rb-fsevent (~> 0.9, >= 0.9.4)
      rb-inotify (~> 0.9, >= 0.9.7)
    shotgun (0.9.2)
      rack (>= 1.0)
    sinatra (2.0.3)
      mustermann (~> 1.0)
      rack (~> 2.0)
      rack-protection (= 2.0.3)
      tilt (~> 2.0)
    sinatra-asset-pipeline (2.1.0)
      coffee-script (~> 2.4)
      rake (~> 12.3)
      sass (~> 3.5)
      sinatra (~> 2.0)
      sprockets (~> 3.7)
      sprockets-helpers (~> 1.2)
    sprockets (3.7.2)
      concurrent-ruby (~> 1.0)
      rack (> 1, < 3)
    sprockets-helpers (1.2.1)
      sprockets (>= 2.2)
    tilt (2.0.8)
    unicode-display_width (1.4.0)

PLATFORMS
  ruby

DEPENDENCIES
  image_processing (~> 1.3)
  puma (~> 3.11, >= 3.11.4)
  rack-host-redirect (~> 1.3)
  rack-ssl-enforcer (~> 0.2.9)
  rake (~> 12.3, >= 12.3.1)
  rubocop (~> 0.57.2)
  shotgun (~> 0.9.2)
  sinatra (~> 2.0, >= 2.0.3)
  sinatra-asset-pipeline (~> 2.1)

RUBY VERSION
   ruby 2.5.1p57

BUNDLED WITH
   1.16.2
